PATH
  remote: .
  specs:
    ost-sdk-ruby (2.0)

GEM
  remote: https://rubygems.org/
  specs:

PLATFORMS
  ruby

DEPENDENCIES
  bundler (~> 1.6)
  ost-sdk-ruby!

BUNDLED WITH
   1.16.2
